##TITLE= Parameter file, XWIN-NMR		Version 3.6
##JCAMPDX= 5.0
##DATATYPE= Parameter Values
##ORIGIN= UXNMR, Bruker Analytische Messtechnik GmbH
##OWNER= root
$$ Thu Nov 17 10:41:02 2016 MSK (UT+3h)  baos-1@Avance-400
$$ /opt/xwinnmr/data/baos-1/nmr/FAA-K4-10/1/pdata/1/proc
##$ABSF1= 10
##$ABSF2= 0
##$ABSG= 5
##$ABSL= 3
##$ALPHA= 0
##$AQORDER= 0
##$ASSFAC= 0
##$ASSFACI= 0
##$ASSFACX= 0
##$ASSWID= 0
##$AUNMP= <proc_1d>
##$AZFE= 0.1
##$AZFW= 0.1
##$BCFW= 1
##$BC_mod= 2
##$BYTORDP= 0
##$COROFFS= 0
##$CY= 12.5
##$DATMOD= 1
##$DC= 2
##$DFILT= <>
##$DTYPP= 0
##$F1P= 11.0000006437302
##$F2P= -0.999999642372122
##$FCOR= 0.5
##$FTSIZE= 65536
##$FT_mod= 4
##$GAMMA= 1
##$GB= 0
##$INTBC= 1
##$INTSCL= 1
##$ISEN= 128
##$LB= 0.3
##$LEV0= 0
##$LPBIN= 0
##$MAXI= 10000
##$MC2= 0
##$MEAN= 0
##$ME_mod= 0
##$MI= 0
##$NCOEF= 0
##$NC_proc= 0
##$NLEV= 6
##$NOISF1= 0
##$NOISF2= 0
##$NSP= 1
##$NTH_PF= 0 
##$NTH_PI= 0
##$NZP= 0
##$OFFSET= 15.99667
##$PC= 1
##$PHC0= 309.9288
##$PHC1= -0.4991519
##$PH_mod= 0
##$PKNL= yes
##$PPARMOD= 0
##$PSCAL= 4
##$PSIGN= 0
##$REVERSE= no
##$SF= 400.130006444381
##$SI= 65536
##$SIGF1= 0
##$SIGF2= 0
##$SINO= 400
##$SIOLD= 65536
##$SREGLST= <1H.CDCl3>
##$SSB= 0
##$STSI= 0
##$STSR= 0
##$SW_p= 8012.8205128205
##$SYMM= 0
##$S_DEV= 0
##$T1D= 5 
##$TDeff= 0
##$TDoff= 0
##$TI= <>
##$TILT= no
##$TM1= 0
##$TM2= 0
##$TOPLEV= 0
##$USERP1= <user>
##$USERP2= <user>
##$USERP3= <user>
##$USERP4= <user>
##$USERP5= <user>
##$WDW= 1
##$XDIM= 8192
##$YMAX_p= 0
##$YMIN_p= 0
##END=
